GEM
  remote: https://rubygems.org/
  specs:
    livingstyleguide (2.0.0.alpha.10)
      minisyntax (>= 0.2.5)
      redcarpet
      sass
      thor
      tilt
    minisyntax (0.2.5)
    rack (1.6.13)
    rack-protection (1.5.5)
      rack
    redcarpet (3.3.2)
    sass (3.4.18)
    sinatra (1.4.6)
      rack (~> 1.4)
      rack-protection (~> 1.4)
      tilt (>= 1.3, < 3)
    thor (0.19.1)
    tilt (2.0.1)

PLATFORMS
  ruby
  x86_64-darwin-19

DEPENDENCIES
  livingstyleguide (~> 2.0.0.alpha.10)
  sinatra (~> 1.4.6)

RUBY VERSION
   ruby 2.6.6p146

BUNDLED WITH
   2.2.14
