GEM
  remote: https://rubygems.org/
  specs:
    haml (4.0.7)
      tilt
    livingstyleguide (2.0.0.alpha.10)
      minisyntax (>= 0.2.5)
      redcarpet
      sass
      thor
      tilt
    minisyntax (0.2.5)
    rack (1.6.4)
    rack-protection (1.5.3)
      rack
    redcarpet (3.3.2)
    sass (3.4.18)
    sinatra (1.4.6)
      rack (~> 1.4)
      rack-protection (~> 1.4)
      tilt (>= 1.3, < 3)
    thor (0.19.1)
    tilt (2.0.1)

PLATFORMS
  ruby

DEPENDENCIES
  haml (~> 4.0.7)
  livingstyleguide (~> 2.0.0.alpha.10)
  sinatra (~> 1.4.6)

BUNDLED WITH
   1.10.6
