GEM
  remote: https://rubygems.org/
  specs:
    livingstyleguide (2.0.0.alpha.10)
      minisyntax (>= 0.2.5)
      redcarpet
      sass
      thor
      tilt
    minisyntax (0.2.5)
    mustermann (2.0.2)
      ruby2_keywords (~> 0.0.1)
    rack (2.2.4)
    rack-protection (2.2.3)
      rack
    redcarpet (3.3.2)
    ruby2_keywords (0.0.5)
    sass (3.4.18)
    sinatra (2.2.3)
      mustermann (~> 2.0)
      rack (~> 2.2)
      rack-protection (= 2.2.3)
      tilt (~> 2.0)
    thor (0.19.1)
    tilt (2.0.11)

PLATFORMS
  ruby
  x86_64-darwin-19

DEPENDENCIES
  livingstyleguide (~> 2.0.0.alpha.10)
  sinatra (~> 2.2.3)

RUBY VERSION
   ruby 2.6.6p146

BUNDLED WITH
   2.2.14
